GIT
  remote: https://github.com/TJNII/rb_tuntap.git
  revision: 66dfa0f5327ebac5c5cd4e1faa914733044fbfe9
  specs:
    rb_tuntap (0.2.2-x86_64-linux)

GIT
  remote: https://github.com/ag-TJNII/persistent_http.git
  revision: 092e69d7c7ac4deec72a0cdcb03cda1fe43e40d7
  branch: TJNII-ssl_verify
  specs:
    persistent_http (2.0.3)
      gene_pool (>= 1.3)

GEM
  remote: https://rubygems.org/
  specs:
    ast (2.4.2)
    base64 (0.2.0)
    bindata (2.5.0)
    concurrent-ruby (1.3.5)
    diff-lcs (1.6.0)
    docile (1.4.1)
    gene_pool (1.5.0)
      concurrent-ruby (>= 1.0)
    ipaddr (1.2.7)
    jwt (2.10.1)
      base64
    multi_json (1.15.0)
    mustermann (3.0.3)
      ruby2_keywords (~> 0.0.1)
    nio4r (2.7.4)
    parallel (1.26.3)
    parser (3.3.7.1)
      ast (~> 2.4.1)
      racc
    prometheus-client (4.2.4)
      base64
    puma (6.6.0)
      nio4r (~> 2.0)
    racc (1.8.1)
    rack (2.2.11)
    rack-protection (3.2.0)
      base64 (>= 0.1.0)
      rack (~> 2.2, >= 2.2.4)
    rainbow (3.1.1)
    regexp_parser (2.10.0)
    rexml (3.4.1)
    rspec (3.13.0)
      rspec-core (~> 3.13.0)
      rspec-expectations (~> 3.13.0)
      rspec-mocks (~> 3.13.0)
    rspec-core (3.13.3)
      rspec-support (~> 3.13.0)
    rspec-expectations (3.13.3)
      diff-lcs (>= 1.2.0, < 2.0)
      rspec-support (~> 3.13.0)
    rspec-mocks (3.13.2)
      diff-lcs (>= 1.2.0, < 2.0)
      rspec-support (~> 3.13.0)
    rspec-support (3.13.2)
    rubocop (1.22.3)
      parallel (~> 1.10)
      parser (>= 3.0.0.0)
      rainbow (>= 2.2.2, < 4.0)
      regexp_parser (>= 1.8, < 3.0)
      rexml
      rubocop-ast (>= 1.12.0, < 2.0)
      ruby-progressbar (~> 1.7)
      unicode-display_width (>= 1.4.0, < 3.0)
    rubocop-ast (1.38.1)
      parser (>= 3.3.1.0)
    ruby-progressbar (1.13.0)
    ruby2_keywords (0.0.5)
    simplecov (0.22.0)
      docile (~> 1.1)
      simplecov-html (~> 0.11)
      simplecov_json_formatter (~> 0.1)
    simplecov-html (0.13.1)
    simplecov_json_formatter (0.1.4)
    sinatra (3.2.0)
      mustermann (~> 3.0)
      rack (~> 2.2, >= 2.2.4)
      rack-protection (= 3.2.0)
      tilt (~> 2.0)
    sinatra-contrib (3.2.0)
      multi_json (>= 0.0.2)
      mustermann (~> 3.0)
      rack-protection (= 3.2.0)
      sinatra (= 3.2.0)
      tilt (~> 2.0)
    sysvmq (0.2.4)
    tilt (2.6.0)
    unicode-display_width (2.6.0)

PLATFORMS
  x86_64-linux

DEPENDENCIES
  bindata (~> 2.4)
  ipaddr (~> 1.2.5)
  jwt (~> 2.8)
  persistent_http (~> 2.0)!
  prometheus-client (~> 4.0)
  puma (~> 6.0)
  rb_tuntap (~> 0.2.1)!
  rspec (~> 3.8)
  rubocop (~> 1.22.0)
  simplecov (~> 0.16)
  sinatra (~> 3.0)
  sinatra-contrib (~> 3.0)
  sysvmq (~> 0.2)

BUNDLED WITH
   2.6.3
