GEM
  remote: https://rubygems.org/
  specs:
    sysvmq (0.2.3)

PLATFORMS
  ruby
  x86_64-linux

DEPENDENCIES
  sysvmq (~> 0.2)

BUNDLED WITH
   2.5.6
